PATH
  remote: .
  specs:
    nombus (0.0.1)
      dnsruby
      methadone (~> 1.2.4)
      public_suffix
      rainbow
      whois

GEM
  remote: https://rubygems.org/
  specs:
    aruba (0.5.1)
      childprocess (~> 0.3.6)
      cucumber (>= 1.1.1)
      rspec-expectations (>= 2.7.0)
    builder (3.2.0)
    childprocess (0.3.9)
      ffi (~> 1.0, >= 1.0.11)
    coderay (1.0.9)
    columnize (0.3.6)
    cucumber (1.2.3)
      builder (>= 2.1.2)
      diff-lcs (>= 1.1.3)
      gherkin (~> 2.11.6)
      multi_json (~> 1.3)
    debugger (1.5.0)
      columnize (>= 0.3.1)
      debugger-linecache (~> 1.2.0)
      debugger-ruby_core_source (~> 1.2.0)
    debugger-linecache (1.2.0)
    debugger-ruby_core_source (1.2.0)
    diff-lcs (1.2.1)
    dnsruby (1.53)
    ffi (1.4.0)
    gherkin (2.11.6)
      json (>= 1.7.6)
    json (1.7.7)
    methadone (1.2.6)
      bundler
    method_source (0.8.1)
    multi_json (1.7.1)
    pry (0.9.12)
      coderay (~> 1.0.5)
      method_source (~> 0.8)
      slop (~> 3.4)
    pry-debugger (0.2.2)
      debugger (~> 1.3)
      pry (~> 0.9.10)
    public_suffix (1.2.0)
    rainbow (1.1.4)
    rake (0.9.6)
    rdoc (4.0.0)
      json (~> 1.4)
    rspec (2.13.0)
      rspec-core (~> 2.13.0)
      rspec-expectations (~> 2.13.0)
      rspec-mocks (~> 2.13.0)
    rspec-core (2.13.1)
    rspec-expectations (2.13.0)
      diff-lcs (>= 1.1.3, < 2.0)
    rspec-mocks (2.13.0)
    slop (3.4.4)
    whois (3.0.0)

PLATFORMS
  ruby

DEPENDENCIES
  aruba
  nombus!
  pry
  pry-debugger
  rake (~> 0.9.2)
  rdoc
  rspec
