PATH
  remote: .
  specs:
    nombus (0.0.1)
      dnsruby
      methadone (~> 1.2.4)
      public_suffix
      rainbow
      whois

GEM
  remote: https://rubygems.org/
  specs:
    aruba (0.5.1)
      childprocess (~> 0.3.6)
      cucumber (>= 1.1.1)
      rspec-expectations (>= 2.7.0)
    builder (3.2.0)
    childprocess (0.3.9)
      ffi (~> 1.0, >= 1.0.11)
    cucumber (1.2.2)
      builder (>= 2.1.2)
      diff-lcs (>= 1.1.3)
      gherkin (~> 2.11.6)
      multi_json (~> 1.3)
    diff-lcs (1.2.1)
    dnsruby (1.53)
    ffi (1.4.0)
    gherkin (2.11.6)
      json (>= 1.7.6)
    json (1.7.7)
    methadone (1.2.5)
      bundler
    multi_json (1.6.1)
    public_suffix (1.2.0)
    rainbow (1.1.4)
    rake (0.9.6)
    rdoc (4.0.0)
      json (~> 1.4)
    rspec (2.13.0)
      rspec-core (~> 2.13.0)
      rspec-expectations (~> 2.13.0)
      rspec-mocks (~> 2.13.0)
    rspec-core (2.13.0)
    rspec-expectations (2.13.0)
      diff-lcs (>= 1.1.3, < 2.0)
    rspec-mocks (2.13.0)
    whois (2.7.0)

PLATFORMS
  ruby

DEPENDENCIES
  aruba
  nombus!
  rake (~> 0.9.2)
  rdoc
  rspec
